GEM
  remote: https://rubygems.org/
  specs:
    activesupport (5.1.1)
      concurrent-ruby (~> 1.0, >= 1.0.2)
      i18n (~> 0.7)
      minitest (~> 5.1)
      tzinfo (~> 1.1)
    concurrent-ruby (1.0.5)
    crass (1.0.2)
    csv_shaper (1.3.0)
      activesupport (>= 3.0.0)
    foreman (0.84.0)
      thor (~> 0.19.1)
    i18n (0.8.4)
    mini_portile2 (2.2.0)
    minitest (5.10.2)
    mustermann (1.0.0)
    nokogiri (1.8.0)
      mini_portile2 (~> 2.2.0)
    nokogumbo (1.4.13)
      nokogiri
    rack (2.0.3)
    rack-protection (2.0.0)
      rack
    sanitize (4.5.0)
      crass (~> 1.0.2)
      nokogiri (>= 1.4.4)
      nokogumbo (~> 1.4.1)
    sinatra (2.0.0)
      mustermann (~> 1.0)
      rack (~> 2.0)
      rack-protection (= 2.0.0)
      tilt (~> 2.0)
    thor (0.19.4)
    thread_safe (0.3.6)
    tilt (2.0.7)
    tzinfo (1.2.3)
      thread_safe (~> 0.1)

PLATFORMS
  ruby

DEPENDENCIES
  csv_shaper
  foreman
  nokogiri
  sanitize
  sinatra

BUNDLED WITH
   1.14.4
